PATH
  remote: .
  specs:
    neon (0.1.0)
      httparty (~> 0.12)
      json (~> 1.8)
      neo4j-cypher (~> 1.0)
      neography (~> 1.3)

GEM
  remote: https://rubygems.org/
  specs:
    byebug (2.5.0)
      columnize (~> 0.3.6)
      debugger-linecache (~> 1.2.0)
    columnize (0.3.6)
    debugger-linecache (1.2.0)
    diff-lcs (1.2.5)
    httparty (0.12.0)
      json (~> 1.8)
      multi_xml (>= 0.5.2)
    httpclient (2.3.4.1)
    json (1.8.1)
    json (1.8.1-java)
    multi_json (1.8.4)
    multi_xml (0.5.5)
    neo4j-community (2.0.0-java)
    neo4j-cypher (1.0.2)
    neography (1.3.4)
      httpclient (>= 2.3.3)
      json (>= 1.7.7)
      multi_json (>= 1.3.2)
      os (>= 0.9.6)
      rake (>= 0.8.7)
      rubyzip (~> 1.0.0)
    os (0.9.6)
    rake (10.1.1)
    rspec (2.14.1)
      rspec-core (~> 2.14.0)
      rspec-expectations (~> 2.14.0)
      rspec-mocks (~> 2.14.0)
    rspec-core (2.14.7)
    rspec-expectations (2.14.4)
      diff-lcs (>= 1.1.3, < 2.0)
    rspec-mocks (2.14.4)
    rubyzip (1.0.0)
    yard (0.8.7.3)

PLATFORMS
  java
  ruby

DEPENDENCIES
  byebug
  neo4j-community (~> 2.0.0)
  neon!
  os (~> 0.9)
  rake (~> 10.1)
  rspec (~> 2.8)
  yard (~> 0.8)
